GEM
  remote: https://rubygems.org/
  specs:
    awesome_print (1.8.0)
    mail (2.6.6)
      mime-types (>= 1.16, < 4)
    mime-types (3.1)
      mime-types-data (~> 3.2015)
    mime-types-data (3.2016.0521)
    sqlite3 (1.3.13)

PLATFORMS
  ruby

DEPENDENCIES
  awesome_print
  mail
  sqlite3

BUNDLED WITH
   1.16.0.pre.2
